NUGET
  remote: https://www.nuget.org/api/v2
  specs:
    FsCheck (2.2.4)
      FSharp.Core (>= 3.1.2.5)
    FSharp.Charting (0.90.13)
    FSharp.Core (4.0.0.1)
    FSharp.Data (2.2.5)
      Zlib.Portable (>= 1.10.0) - framework: portable-net40+sl50+wp80+win80
    Zlib.Portable (1.11.0) - framework: portable-net40+sl50+wp80+win80
